GEM
  remote: https://rubygems.org/
  specs:
    dotenv (2.2.1)
    minitest (5.10.3)
    rake (12.3.0)

PLATFORMS
  ruby

DEPENDENCIES
  dotenv
  minitest
  rake

RUBY VERSION
   ruby 2.4.2p198

BUNDLED WITH
   1.15.4
